GEM
  remote: https://rubygems.org/
  specs:
    base64 (0.2.0)
    mustermann (3.0.0)
      ruby2_keywords (~> 0.0.1)
    nio4r (2.7.3)
    puma (6.4.3)
      nio4r (~> 2.0)
    rack (2.2.9)
    rack-protection (3.2.0)
      base64 (>= 0.1.0)
      rack (~> 2.2, >= 2.2.4)
    ruby2_keywords (0.0.5)
    sinatra (3.2.0)
      mustermann (~> 3.0)
      rack (~> 2.2, >= 2.2.4)
      rack-protection (= 3.2.0)
      tilt (~> 2.0)
    tilt (2.3.0)

PLATFORMS
  x86_64-darwin-21
  x86_64-linux

DEPENDENCIES
  puma (~> 6.4)
  sinatra

RUBY VERSION
   ruby 3.3.3p89

BUNDLED WITH
   2.4.22
